GEM
  remote: http://rubygems.org/
  specs:
    json (1.5.1-x86-mingw32)
    mime-types (1.16)
    oauth (0.4.4)
    rack (1.2.1)
    sinatra (1.1.2)
      rack (~> 1.1)
      tilt (~> 1.2)
    tilt (1.2.2)
    twitter_oauth (0.4.3)
      json (>= 1.1.9)
      mime-types (>= 1.16)
      oauth (>= 0.4.1)

PLATFORMS
  x86-mingw32

DEPENDENCIES
  sinatra
  twitter_oauth
